GEM
  remote: http://rubygems.org/
  specs:
    backports (2.3.0)
    crack (0.1.8)
    haml (3.1.2)
    httparty (0.7.8)
      crack (= 0.1.8)
    json (1.5.3)
    monkey-lib (0.5.4)
      backports
    rack (1.3.2)
    ruby-stemmer (0.9.1)
    sinatra (1.2.6)
      rack (~> 1.1)
      tilt (< 2.0, >= 1.2.2)
    sinatra-advanced-routes (0.5.1)
      monkey-lib (~> 0.5.0)
      sinatra (~> 1.0)
      sinatra-sugar (~> 0.5.0)
    sinatra-reloader (0.5.0)
      sinatra (~> 1.0)
      sinatra-advanced-routes (~> 0.5.0)
    sinatra-sugar (0.5.1)
      monkey-lib (~> 0.5.0)
      sinatra (~> 1.0)
    tilt (1.3.2)

PLATFORMS
  ruby

DEPENDENCIES
  haml
  httparty
  json
  ruby-stemmer
  sinatra
  sinatra-reloader
